PATH
  remote: .
  specs:
    casegen (3.0.0)
      tablesmith

GEM
  remote: https://rubygems.org/
  specs:
    diff-lcs (1.4.4)
    minitest (5.14.3)
    rake (13.0.3)
    rspec (3.10.0)
      rspec-core (~> 3.10.0)
      rspec-expectations (~> 3.10.0)
      rspec-mocks (~> 3.10.0)
    rspec-core (3.10.1)
      rspec-support (~> 3.10.0)
    rspec-expectations (3.10.1)
      diff-lcs (>= 1.2.0, < 2.0)
      rspec-support (~> 3.10.0)
    rspec-mocks (3.10.2)
      diff-lcs (>= 1.2.0, < 2.0)
      rspec-support (~> 3.10.0)
    rspec-support (3.10.2)
    tablesmith (0.6.2)
      text-table
    text-table (1.2.4)

PLATFORMS
  ruby

DEPENDENCIES
  casegen!
  minitest
  rake
  rspec

BUNDLED WITH
   2.2.9
