PATH
  remote: .
  specs:
    casegen (3.0.0)
      tablesmith

GEM
  remote: https://rubygems.org/
  specs:
    minitest (5.14.3)
    rake (13.0.3)
    tablesmith (0.6.2)
      text-table
    text-table (1.2.4)

PLATFORMS
  ruby

DEPENDENCIES
  casegen!
  minitest
  rake

BUNDLED WITH
   1.17.3
