PATH
  remote: .
  specs:
    casegen (2.0.1)
      tablesmith

GEM
  remote: https://rubygems.org/
  specs:
    minitest (5.11.3)
    rake (13.0.1)
    tablesmith (0.4.1)
      text-table
    text-table (1.2.4)

PLATFORMS
  ruby

DEPENDENCIES
  casegen!
  minitest
  rake

BUNDLED WITH
   1.17.3
